PATH
  remote: .
  specs:
    angband (0.0.1)
      gherkin (~> 2.12)
      mustache (~> 0.99)
      rack-accept_headers (~> 0.5.0)

GEM
  remote: https://rubygems.org/
  specs:
    arg-that (0.1.0)
    diff-lcs (1.2.5)
    docile (1.1.5)
    gherkin (2.12.2)
      multi_json (~> 1.3)
    multi_json (1.10.1)
    mustache (0.99.6)
    rack (1.5.2)
    rack-accept_headers (0.5.0)
      rack
    rspec (3.1.0)
      rspec-core (~> 3.1.0)
      rspec-expectations (~> 3.1.0)
      rspec-mocks (~> 3.1.0)
    rspec-core (3.1.0)
      rspec-support (~> 3.1.0)
    rspec-expectations (3.1.0)
      diff-lcs (>= 1.2.0, < 2.0)
      rspec-support (~> 3.1.0)
    rspec-extra-formatters (0.4)
    rspec-mocks (3.1.0)
      rspec-support (~> 3.1.0)
    rspec-support (3.1.0)
    simplecov (0.9.0)
      docile (~> 1.1.0)
      multi_json
      simplecov-html (~> 0.8.0)
    simplecov-html (0.8.0)
    simplecov-rcov (0.2.3)
      simplecov (>= 0.4.1)

PLATFORMS
  ruby

DEPENDENCIES
  angband!
  arg-that
  rack
  rspec
  rspec-extra-formatters (= 0.4)
  simplecov
  simplecov-rcov
